GEM
  remote: http://gemcutter.org/
  specs:
    activesupport (2.3.4)
    ruby-hmac (0.4.0)

PLATFORMS
  ruby

DEPENDENCIES
  activesupport (= 2.3.4)
  ruby-hmac
